PATH
  remote: .
  specs:
    befog (0.4.0)
      bundler (~> 1.2)
      fog (~> 1.3)

GEM
  remote: http://rubygems.org/
  remote: http://rubygems.org/
  specs:
    builder (3.1.3)
    diff-lcs (1.1.3)
    excon (0.16.2)
    fog (1.5.0)
      builder
      excon (~> 0.14)
      formatador (~> 0.2.0)
      mime-types
      multi_json (~> 1.0)
      net-scp (~> 1.0.4)
      net-ssh (>= 2.1.3)
      nokogiri (~> 1.5.0)
      ruby-hmac
    formatador (0.2.3)
    mime-types (1.19)
    multi_json (1.3.6)
    net-scp (1.0.4)
      net-ssh (>= 1.99.1)
    net-ssh (2.5.2)
    nokogiri (1.5.5)
    rspec (2.11.0)
      rspec-core (~> 2.11.0)
      rspec-expectations (~> 2.11.0)
      rspec-mocks (~> 2.11.0)
    rspec-core (2.11.1)
    rspec-expectations (2.11.3)
      diff-lcs (~> 1.1.3)
    rspec-mocks (2.11.2)
    ruby-hmac (0.4.0)
    yard (0.8.2.1)

PLATFORMS
  ruby

DEPENDENCIES
  befog!
  rspec (~> 2.7)
  yard (~> 0.7)
