PATH
  remote: .
  specs:
    befog (0.2.0)
      fog (~> 1.1.2)

GEM
  remote: http://rubygems.org/
  specs:
    builder (3.0.0)
    diff-lcs (1.1.3)
    excon (0.10.1)
    fog (1.1.2)
      builder
      excon (~> 0.10.0)
      formatador (~> 0.2.0)
      mime-types
      multi_json (~> 1.0)
      net-scp (~> 1.0.4)
      net-ssh (>= 2.1.3)
      nokogiri (~> 1.5.0)
      ruby-hmac
    formatador (0.2.1)
    mime-types (1.18)
    multi_json (1.2.0)
    net-scp (1.0.4)
      net-ssh (>= 1.99.1)
    net-ssh (2.3.0)
    nokogiri (1.5.2)
    rspec (2.9.0)
      rspec-core (~> 2.9.0)
      rspec-expectations (~> 2.9.0)
      rspec-mocks (~> 2.9.0)
    rspec-core (2.9.0)
    rspec-expectations (2.9.0)
      diff-lcs (~> 1.1.3)
    rspec-mocks (2.9.0)
    ruby-hmac (0.4.0)
    yard (0.7.5)

PLATFORMS
  ruby

DEPENDENCIES
  befog!
  rspec (~> 2.7)
  yard (~> 0.7)
